{
  "TaskName": "mediansensory",
  "EEGReference": "EEG: RM (right mastoid); ESG: TH6 (over 6th thoracic vertebra); ECG: ECGN (below right clavicle), ENG: (1) left Erb's Point: EPN (ref placed over right Erb's point), (2) Biceps: BicepsN (approx. 3 cm proximal to active electrode), (3) Knee: kneeMN (located approx. 3cm proximal to kneeM, all knee channels had the same reference);",
  "PowerLineFrequency": 50,
  "SoftwareFilters": {
    "Anti_aliasing_filter": {
      "cutoff_Hz": 2500
    }
  },
  "InstitutionName": "Max Planck Institute for Human Cognitive and Brain Sciences",
  "InstitutionAddress": "Stephanstr. 1A, 04103 Leipzig, Germany",
  "Manufacturer": "Bittum",
  "ManufacturersModelName": "NeurOne",
  "SoftwareVersions": "NeurOne 1.4.1.64",
  "TaskDescription": "Participants were laying on their back. Stimulation of sensory parts of the median nerve stimulation at the left index finger, the left middle finger or both (left index and middle finger) simultaneously.",
  "Instructions": "Relax and try not to move. Look at the fixation cross during the recordings and blink normal.",
  "DeviceSerialNumber": "n/a",
  "CapManufacturer": "EasyCap GmbH, Steingrabenstrasse 14, DE-82211 Herrsching, Germany",
  "CapManufacturersModelName": "64Ch-BrainCap for TMS with Multitrodes (BC-TMS-64-X24)",
  "TriggerChannelCount": 0,
  "EEGGround": "EEG: placed at POz, ESG: placed approx. over 9th thoracic vertebra",
  "EEGPlacementScheme": "10-10",
  "HardwareFilters": {
    "Anti_aliasing_filter": {
      "cutoff_Hz": 2500
    },
    "Sampling_frequency": {
      "fundamental_frequency_Hz": 80000,
      "output_frequency_Hz": 10000
    }
  },
  "SubjectArtefactDescription": "n/a",
  "EEGChannelCount": 42,
  "MiscChannelCount": 48,
  "EOGChannelCount": 2,
  "ECGChannelCount": 1,
  "RecordingType": "continuous",
  "RecordingDuration": 454.7033,
  "SamplingFrequency": 10000,
  "EMGChannelCount": 0
}